GEM
  remote: https://rubygems.org/
  specs:
    rake (12.3.3)

PLATFORMS
  java
  ruby

DEPENDENCIES
  rake (= 12.3.3)

BUNDLED WITH
   2.3.20
